GEM
  remote: http://rubygems.org/
  specs:
    byebug (8.2.1)
    gosu (0.10.5)

PLATFORMS
  ruby

DEPENDENCIES
  byebug
  gosu (= 0.10.5)
